PATH
  remote: ../sdk
  specs:
    itly-sdk (0.1.0)
      concurrent-ruby (~> 1.1.8)

PATH
  remote: .
  specs:
    itly-segment-plugin (0.1.0)
      simple_segment (~> 1.2)

GEM
  remote: https://rubygems.org/
  specs:
    concurrent-ruby (1.1.8)
    diff-lcs (1.4.4)
    rake (13.0.3)
    rspec (3.10.0)
      rspec-core (~> 3.10.0)
      rspec-expectations (~> 3.10.0)
      rspec-mocks (~> 3.10.0)
    rspec-core (3.10.1)
      rspec-support (~> 3.10.0)
    rspec-expectations (3.10.1)
      diff-lcs (>= 1.2.0, < 2.0)
      rspec-support (~> 3.10.0)
    rspec-mocks (3.10.2)
      diff-lcs (>= 1.2.0, < 2.0)
      rspec-support (~> 3.10.0)
    rspec-support (3.10.2)
    simple_segment (1.2.0)

PLATFORMS
  x86_64-linux

DEPENDENCIES
  itly-sdk (~> 0.1)!
  itly-segment-plugin!
  rake (~> 13.0)
  rspec

BUNDLED WITH
   2.2.11
