PATH
  remote: ..
  specs:
    itly (0.1.0)

PATH
  remote: .
  specs:
    itly-amplitude (0.1.0)
      itly (~> 0.1, < 1)

GEM
  remote: https://rubygems.org/
  specs:
    rake (13.0.3)

PLATFORMS
  x86_64-linux

DEPENDENCIES
  itly!
  itly-amplitude!
  rake (~> 13.0)

BUNDLED WITH
   2.2.11
