PATH
  remote: ../sdk
  specs:
    itly-sdk (0.1.0)
      concurrent-ruby (~> 1.1.8)

PATH
  remote: .
  specs:
    itly-plugin-amplitude (0.1.0)
      amplitude-api (~> 0.3)

GEM
  remote: https://rubygems.org/
  specs:
    amplitude-api (0.3.3)
      faraday (~> 1.0)
    concurrent-ruby (1.1.8)
    diff-lcs (1.4.4)
    faraday (1.3.0)
      faraday-net_http (~> 1.0)
      multipart-post (>= 1.2, < 3)
      ruby2_keywords
    faraday-net_http (1.0.1)
    multipart-post (2.1.1)
    rake (13.0.3)
    rspec (3.10.0)
      rspec-core (~> 3.10.0)
      rspec-expectations (~> 3.10.0)
      rspec-mocks (~> 3.10.0)
    rspec-core (3.10.1)
      rspec-support (~> 3.10.0)
    rspec-expectations (3.10.1)
      diff-lcs (>= 1.2.0, < 2.0)
      rspec-support (~> 3.10.0)
    rspec-mocks (3.10.2)
      diff-lcs (>= 1.2.0, < 2.0)
      rspec-support (~> 3.10.0)
    rspec-support (3.10.2)
    ruby2_keywords (0.0.4)

PLATFORMS
  x86_64-linux

DEPENDENCIES
  itly-plugin-amplitude!
  itly-sdk (~> 0.1)!
  rake (~> 13.0)
  rspec

BUNDLED WITH
   2.2.11
